GEM
  remote: https://rubygems.org/
  specs:
    addressable (2.3.6)
    cookiejar (0.3.2)
    dotenv (0.10.0)
    em-http-request (1.1.2)
      addressable (>= 2.3.4)
      cookiejar
      em-socksify (>= 0.3)
      eventmachine (>= 1.0.3)
      http_parser.rb (>= 0.6.0)
    em-socksify (0.3.0)
      eventmachine (>= 1.0.0.beta.4)
    eventmachine (1.0.3)
    flowdock (0.3.1)
      httparty (~> 0.7)
      multi_json
    foreman (0.63.0)
      dotenv (>= 0.7)
      thor (>= 0.13.6)
    http_parser.rb (0.6.0)
    httparty (0.11.0)
      multi_json (~> 1.0)
      multi_xml (>= 0.5.2)
    multi_json (1.9.2)
    multi_xml (0.5.5)
    thor (0.19.1)

PLATFORMS
  ruby

DEPENDENCIES
  em-http-request
  eventmachine
  flowdock
  foreman
  httparty (= 0.11)
